GEM
  remote: https://rubygems.org/
  specs:
    csv (3.1.9)
    dotenv (2.7.6)
    ethon (0.12.0)
      ffi (>= 1.3.0)
    ffi (1.14.2)
    fileutils (1.5.0)
    json (2.5.1)
    logger (1.4.3)
    optparse (0.1.0)
    typhoeus (1.4.0)
      ethon (>= 0.9.0)

PLATFORMS
  ruby

DEPENDENCIES
  csv
  dotenv
  fileutils
  json
  logger
  optparse
  typhoeus

BUNDLED WITH
   2.2.6
